GEM
  remote: https://rubygems.org/
  specs:
    aws-sdk (1.43.3)
      json (~> 1.4)
      nokogiri (>= 1.4.4)
    backports (3.6.0)
    daemons (1.1.9)
    eventmachine (1.0.3)
    json (1.8.1)
    mini_portile (0.6.0)
    multi_json (1.10.1)
    nokogiri (1.6.2.1-x64-mingw32)
      mini_portile (= 0.6.0)
    rack (1.5.2)
    rack-protection (1.5.3)
      rack
    rack-test (0.6.2)
      rack (>= 1.0)
    sinatra (1.4.5)
      rack (~> 1.4)
      rack-protection (~> 1.4)
      tilt (~> 1.3, >= 1.3.4)
    sinatra-contrib (1.4.2)
      backports (>= 2.0)
      multi_json
      rack-protection
      rack-test
      sinatra (~> 1.4.0)
      tilt (~> 1.3)
    thin (1.6.2)
      daemons (>= 1.0.9)
      eventmachine (>= 1.0.0)
      rack (>= 1.0.0)
    tilt (1.4.1)

PLATFORMS
  x64-mingw32

DEPENDENCIES
  aws-sdk
  sinatra
  sinatra-contrib
  thin
