GEM
  remote: http://rubygems.org/
  specs:
    atomutil (0.1.3)
    daemons (1.1.9)
    eventmachine (1.0.3-x86-mingw32)
    faraday (0.8.8)
      multipart-post (~> 1.2.0)
    multi_json (1.8.0)
    multipart-post (1.2.0)
    rack (1.5.2)
    rack-protection (1.5.0)
      rack
    sass (3.2.10)
    simple_oauth (0.2.0)
    sinatra (1.4.2)
      rack (~> 1.5, >= 1.5.2)
      rack-protection (~> 1.4)
      tilt (~> 1.3, >= 1.3.4)
    slim (2.0.1)
      temple (~> 0.6.6)
      tilt (>= 1.3.3, < 2.1)
    temple (0.6.6)
    thin (1.5.1)
      daemons (>= 1.0.9)
      eventmachine (>= 0.12.6)
      rack (>= 1.0.0)
    tilt (1.4.1)
    twitter (4.8.1)
      faraday (~> 0.8, < 0.10)
      multi_json (~> 1.0)
      simple_oauth (~> 0.2)

PLATFORMS
  x86-mingw32

DEPENDENCIES
  atomutil
  eventmachine
  sass
  sinatra
  slim
  thin
  twitter
